GEM
  remote: https://rubygems.org/
  specs:
    concurrent-ruby (1.1.5)
    hazard (1.3.1)
    i18n (1.7.0)
      concurrent-ruby (~> 1.0)
    mini_portile2 (2.5.1)
    nokogiri (1.11.4)
      mini_portile2 (~> 2.5.0)
      racc (~> 1.4)
    racc (1.5.2)

PLATFORMS
  ruby

DEPENDENCIES
  hazard (>= 1.3.1)
  i18n
  nokogiri

BUNDLED WITH
   2.0.2
